GEM
  remote: http://rubygems.org/
  specs:
    activesupport (3.0.9)
    async-rack (0.5.1)
      rack (~> 1.1)
    cramp (0.14.1)
      activesupport (~> 3.0.9)
      eventmachine (~> 1.0.0.beta.3)
      rack (~> 1.3.2)
      thor (~> 0.14.6)
    daemons (1.1.4)
    em-hiredis (0.1.0)
      hiredis (~> 0.3.0)
    em-synchrony (0.2.0)
      eventmachine (>= 0.12.9)
    eventmachine (1.0.0.beta.3)
    hiredis (0.3.2)
    http_router (0.10.2)
      rack (>= 1.0.0)
      url_mount (~> 0.2.1)
    mysql2 (0.3.6)
    rack (1.3.2)
    thin (1.2.11)
      daemons (>= 1.0.9)
      eventmachine (>= 0.12.6)
      rack (>= 1.0.0)
    thor (0.14.6)
    url_mount (0.2.1)
      rack
    yajl-ruby (0.8.2)

PLATFORMS
  ruby

DEPENDENCIES
  async-rack
  cramp
  em-hiredis
  em-synchrony
  http_router
  mysql2
  thin
  yajl-ruby
